GEM
  remote: http://rubygems.org/
  specs:
    albino (1.3.3)
      posix-spawn (>= 0.3.6)
    diff-lcs (1.2.5)
    posix-spawn (0.3.11)
    rake (11.3.0)
    redcarpet (3.3.4)
    rspec (2.14.1)
      rspec-core (~> 2.14.0)
      rspec-expectations (~> 2.14.0)
      rspec-mocks (~> 2.14.0)
    rspec-core (2.14.8)
    rspec-expectations (2.14.5)
      diff-lcs (>= 1.1.3, < 2.0)
    rspec-mocks (2.14.6)

PLATFORMS
  x64-mingw32
  x86-mingw32

DEPENDENCIES
  albino (~> 1.3.3)
  bundler (~> 1.13.5)
  rake (~> 11.3.0)
  redcarpet (~> 3.3.4)
  rspec (~> 2.14.1)

BUNDLED WITH
   1.13.5
