GEM
  remote: http://rubygems.org/
  specs:
    albino (1.3.3)
      posix-spawn (>= 0.3.6)
    posix-spawn (0.3.6)
    rake (10.0.3)
    redcarpet (2.1.1)

PLATFORMS
  x86-mingw32

DEPENDENCIES
  albino (~> 1.3.3)
  bundler (>= 1.1.1)
  rake (>= 0.9.2)
  redcarpet (~> 2.1.1)
